GEM
  remote: https://rubygems.org/
  specs:
    sequel (5.70.0)

PLATFORMS
  x86_64-linux

DEPENDENCIES
  sequel (~> 5.70)

BUNDLED WITH
   2.4.17
